GEM
  remote: https://rubygems.org/
  specs:
    awesome_print (1.6.1)
    bundler-audit (0.4.0)
      bundler (~> 1.2)
      thor (~> 0.18)
    curl (0.0.9)
      awesome_print (>= 0.2.1)
      unidecoder (>= 1.1.1)
    diff-lcs (1.2.5)
    rake (10.5.0)
    rspec (3.4.0)
      rspec-core (~> 3.4.0)
      rspec-expectations (~> 3.4.0)
      rspec-mocks (~> 3.4.0)
    rspec-core (3.4.2)
      rspec-support (~> 3.4.0)
    rspec-expectations (3.4.0)
      diff-lcs (>= 1.2.0, < 2.0)
      rspec-support (~> 3.4.0)
    rspec-mocks (3.4.1)
      diff-lcs (>= 1.2.0, < 2.0)
      rspec-support (~> 3.4.0)
    rspec-support (3.4.1)
    thor (0.19.1)
    unidecoder (1.1.2)

PLATFORMS
  ruby

DEPENDENCIES
  bundler-audit
  curl
  rake
  rspec

BUNDLED WITH
   1.11.2
